PATH
  remote: .
  specs:
    kennel (1.153.0)
      diff-lcs (~> 1.5)
      faraday (~> 1.8)
      hashdiff (~> 1.0)
      net-http-persistent (~> 4.0)
      zeitwerk (~> 2.4)

GEM
  remote: https://rubygems.org/
  specs:
    addressable (2.8.7)
      public_suffix (>= 2.0.2, < 7.0)
    ast (2.4.2)
    bigdecimal (3.1.9)
    bootsnap (1.18.4)
      msgpack (~> 1.2)
    bump (0.10.0)
    byebug (11.1.3)
    coderay (1.1.3)
    connection_pool (2.5.0)
    crack (1.0.0)
      bigdecimal
      rexml
    diff-lcs (1.6.0)
    faraday (1.10.4)
      faraday-em_http (~> 1.0)
      faraday-em_synchrony (~> 1.0)
      faraday-excon (~> 1.1)
      faraday-httpclient (~> 1.0)
      faraday-multipart (~> 1.0)
      faraday-net_http (~> 1.0)
      faraday-net_http_persistent (~> 1.0)
      faraday-patron (~> 1.0)
      faraday-rack (~> 1.0)
      faraday-retry (~> 1.0)
      ruby2_keywords (>= 0.0.4)
    faraday-em_http (1.0.0)
    faraday-em_synchrony (1.0.0)
    faraday-excon (1.1.0)
    faraday-httpclient (1.0.1)
    faraday-multipart (1.1.0)
      multipart-post (~> 2.0)
    faraday-net_http (1.0.2)
    faraday-net_http_persistent (1.2.0)
    faraday-patron (1.0.0)
    faraday-rack (1.0.0)
    faraday-retry (1.0.3)
    forking_test_runner (1.15.0)
      parallel_tests (>= 1.3.7)
    hashdiff (1.1.2)
    json (2.10.1)
    language_server-protocol (3.17.0.4)
    lint_roller (1.1.0)
    maxitest (5.8.0)
      minitest (>= 5.14.0, < 5.26.0)
    method_source (1.1.0)
    minitest (5.25.4)
    mocha (2.7.1)
      ruby2_keywords (>= 0.0.5)
    msgpack (1.8.0)
    multipart-post (2.4.1)
    net-http-persistent (4.0.5)
      connection_pool (~> 2.2)
    parallel (1.26.3)
    parallel_tests (5.1.0)
      parallel
    parser (3.3.7.1)
      ast (~> 2.4.1)
      racc
    pry (0.14.2)
      coderay (~> 1.1)
      method_source (~> 1.0)
    pry-byebug (3.10.1)
      byebug (~> 11.0)
      pry (>= 0.13, < 0.15)
    public_suffix (6.0.1)
    racc (1.8.1)
    rainbow (3.1.1)
    rake (13.2.1)
    regexp_parser (2.10.0)
    rexml (3.4.1)
    rubocop (1.73.2)
      json (~> 2.3)
      language_server-protocol (~> 3.17.0.2)
      lint_roller (~> 1.1.0)
      parallel (~> 1.10)
      parser (>= 3.3.0.2)
      rainbow (>= 2.2.2, < 4.0)
      regexp_parser (>= 2.9.3, < 3.0)
      rubocop-ast (>= 1.38.0, < 2.0)
      ruby-progressbar (~> 1.7)
      unicode-display_width (>= 2.4.0, < 4.0)
    rubocop-ast (1.38.1)
      parser (>= 3.3.1.0)
    ruby-progressbar (1.13.0)
    ruby2_keywords (0.0.5)
    single_cov (1.11.0)
    unicode-display_width (3.1.4)
      unicode-emoji (~> 4.0, >= 4.0.4)
    unicode-emoji (4.0.4)
    webmock (3.25.1)
      addressable (>= 2.8.0)
      crack (>= 0.3.2)
      hashdiff (>= 0.4.0, < 2.0.0)
    zeitwerk (2.7.2)

PLATFORMS
  ruby

DEPENDENCIES
  bootsnap
  bump
  forking_test_runner
  kennel!
  maxitest
  mocha
  pry-byebug
  rake
  rubocop
  single_cov
  webmock

RUBY VERSION
   ruby 3.2.2p53

BUNDLED WITH
   2.3.26
